PATH
  remote: ..
  specs:
    calabash-android (0.9.26)
      awesome_print (~> 1.2)
      cucumber
      escape (~> 0.0.4)
      httpclient (>= 2.7.1, < 3.0)
      json
      rubyzip (= 1.2.3)
      slowhandcuke (~> 0.0.3)

GEM
  remote: https://rubygems.org/
  specs:
    awesome_print (1.9.2)
    builder (3.2.3)
    cucumber (2.0.2)
      builder (>= 2.1.2)
      cucumber-core (~> 1.2.0)
      diff-lcs (>= 1.1.3)
      gherkin (~> 2.12)
      multi_json (>= 1.7.5, < 2.0)
      multi_test (>= 0.1.2)
    cucumber-core (1.2.0)
      gherkin (~> 2.12.0)
    diff-lcs (1.3)
    escape (0.0.4)
    gherkin (2.12.2)
      multi_json (~> 1.3)
    httpclient (2.8.3)
    json (2.3.0)
    mime-types (3.2.2)
      mime-types-data (~> 3.2015)
    mime-types-data (3.2019.0331)
    multi_json (1.13.1)
    multi_test (0.1.2)
    retriable (2.0.2)
    rubyzip (1.2.3)
    slowhandcuke (0.0.3)
      cucumber
    thor (0.20.3)
    xamarin-test-cloud (2.3.0)
      bundler
      httpclient (>= 2.7.1, < 3.0)
      json
      mime-types (>= 2.99, < 4.0)
      retriable (>= 1.3.3.1, < 2.1)
      rubyzip (~> 1.1)
      thor (>= 0.18.1, < 1.0)

PLATFORMS
  ruby

DEPENDENCIES
  calabash-android!
  cucumber (~> 2.0.0)
  json (= 2.3.0)
  xamarin-test-cloud (~> 2.0)

BUNDLED WITH
   1.17.3
